GEM
  remote: http://rubygems.org/
  specs:
    activemodel (3.2.1)
      activesupport (= 3.2.1)
      builder (~> 3.0.0)
    activesupport (3.2.1)
      i18n (~> 0.6)
      multi_json (~> 1.0)
    barista (1.3.0)
      coffee-script (~> 2.2)
    bson (1.5.2)
    bson_ext (1.5.2)
      bson (= 1.5.2)
    builder (3.0.0)
    coffee-script (2.2.0)
      coffee-script-source
      execjs
    coffee-script-source (1.2.0)
    daemons (1.1.9)
    eventmachine (0.12.10)
    execjs (1.3.0)
      multi_json (~> 1.0)
    haml (3.1.4)
    i18n (0.6.0)
    json (1.6.5)
    mongo (1.5.2)
      bson (= 1.5.2)
    mongo_mapper (0.11.0)
      activemodel (~> 3.0)
      activesupport (~> 3.0)
      plucky (~> 0.4.0)
    multi_json (1.0.4)
    plucky (0.4.4)
      mongo (~> 1.5)
    rack (1.4.1)
    rack-protection (1.2.0)
      rack
    rack-test (0.6.1)
      rack (>= 1.0)
    shotgun (0.9)
      rack (>= 1.0)
    sinatra (1.3.3)
      rack (~> 1.3, >= 1.3.6)
      rack-protection (~> 1.2)
      tilt (~> 1.3, >= 1.3.3)
    thin (1.4.1)
      daemons (>= 1.0.9)
      eventmachine (>= 0.12.6)
      rack (>= 1.0.0)
    tilt (1.3.3)
    timecop (0.3.5)

PLATFORMS
  ruby

DEPENDENCIES
  barista (~> 1.3.0)
  bson (~> 1.5.2)
  bson_ext (~> 1.5.2)
  coffee-script (~> 2.2.0)
  haml (~> 3.1.4)
  i18n (~> 0.6.0)
  json (~> 1.6.5)
  mongo_mapper (~> 0.11.0)
  rack-test (~> 0.6.1)
  shotgun (~> 0.9)
  sinatra (~> 1.3.3)
  thin (~> 1.4.1)
  timecop (~> 0.3.5)
